PATH
  remote: .
  specs:
    redmine_wysiwyg_textile (1.0.0.beta)

GEM
  remote: http://rubygems.org/
  specs:
    RedCloth (4.2.9)
    html2textile (1.0.0.beta2)
    rake (0.9.6)
    test-unit (2.5.4)

PLATFORMS
  ruby

DEPENDENCIES
  RedCloth (~> 4.2)
  html2textile (~> 1.0.0.beta2)
  rake (~> 0.9)
  redmine_wysiwyg_textile!
  test-unit (~> 2.5.4)
